PATH
  remote: .
  specs:
    taxonifi (0.6.0)
      csv (~> 3.3.5)
      require_all (~> 3.0)

GEM
  remote: https://rubygems.org/
  specs:
    awesome_print (1.9.2)
    builder (3.3.0)
    byebug (11.1.3)
    csv (3.3.5)
    date (3.4.1)
    erb (5.0.2)
    power_assert (2.0.5)
    psych (5.2.6)
      date
      stringio
    rake (13.3.0)
    rdoc (6.14.2)
      erb
      psych (>= 4.0.0)
    require_all (3.0.0)
    stringio (3.1.7)
    test-unit (3.7.0)
      power_assert

PLATFORMS
  ruby
  x86_64-darwin-24

DEPENDENCIES
  awesome_print (~> 1.8)
  builder (~> 3.2)
  bundler (~> 2.7)
  byebug (~> 11)
  rake (~> 13.0)
  rdoc (~> 6.2)
  taxonifi!
  test-unit (~> 3.5)

BUNDLED WITH
   2.7.1
