PATH
  remote: .
  specs:
    taxonifi (0.6.0)
      require_all (~> 3.0)

GEM
  remote: https://rubygems.org/
  specs:
    awesome_print (1.9.2)
    builder (3.2.4)
    byebug (11.1.3)
    power_assert (2.0.1)
    psych (4.0.3)
      stringio
    rake (13.0.6)
    rdoc (6.4.0)
      psych (>= 4.0.0)
    require_all (3.0.0)
    stringio (3.0.1)
    test-unit (3.3.9)
      power_assert

PLATFORMS
  ruby

DEPENDENCIES
  awesome_print (~> 1.8)
  builder (~> 3.2)
  bundler (~> 2.1)
  byebug (~> 11)
  rake (~> 13.0)
  rdoc (~> 6.2)
  taxonifi!
  test-unit (~> 3.3.5)

BUNDLED WITH
   2.2.22
