PATH
  remote: .
  specs:
    taxonifi (0.5.5)
      require_all (~> 3.0)

GEM
  remote: https://rubygems.org/
  specs:
    awesome_print (1.8.0)
    builder (3.2.4)
    byebug (11.1.1)
    power_assert (1.1.5)
    rake (13.0.1)
    rdoc (6.3.2)
    require_all (3.0.0)
    test-unit (3.3.5)
      power_assert

PLATFORMS
  ruby

DEPENDENCIES
  awesome_print (~> 1.8)
  builder (~> 3.2)
  bundler (~> 2.1)
  byebug (~> 11)
  rake (~> 13.0)
  rdoc (~> 6.2)
  taxonifi!
  test-unit (~> 3.3.5)

BUNDLED WITH
   2.1.4
